GEM
  remote: https://rubygems.org/
  specs:
    activesupport (4.0.2)
      i18n (~> 0.6, >= 0.6.4)
      minitest (~> 4.2)
      multi_json (~> 1.3)
      thread_safe (~> 0.1)
      tzinfo (~> 0.3.37)
    atomic (1.1.14)
    builder (3.2.2)
    capybara (2.1.0)
      mime-types (>= 1.16)
      nokogiri (>= 1.3.3)
      rack (>= 1.0.0)
      rack-test (>= 0.5.4)
      xpath (~> 2.0)
    childprocess (0.3.9)
      ffi (~> 1.0, >= 1.0.11)
    cliver (0.2.2)
    cmdparse (2.0.5)
    cucumber (1.3.6)
      builder (>= 2.1.2)
      diff-lcs (>= 1.1.3)
      gherkin (~> 2.12.0)
      multi_json (~> 1.7.5)
      multi_test (>= 0.0.2)
    diff-lcs (1.2.5)
    ffi (1.9.3)
    gherkin (2.12.2)
      multi_json (~> 1.3)
    highline (1.6.20)
    i18n (0.6.9)
    json (1.8.0)
    mime-types (2.0)
    mini_portile (0.5.2)
    minitest (4.7.5)
    multi_json (1.7.9)
    multi_test (0.0.3)
    net-http-persistent (2.9)
    net-ssh (2.7.0)
    net-ssh-gateway (1.2.0)
      net-ssh (>= 2.6.5)
    nokogiri (1.6.1)
      mini_portile (~> 0.5.0)
    parallel (0.9.1)
    parallel_tests (0.15.0)
      parallel
    poltergeist (1.4.1)
      capybara (~> 2.1.0)
      cliver (~> 0.2.1)
      multi_json (~> 1.0)
      websocket-driver (>= 0.2.0)
    rack (1.5.2)
    rack-test (0.6.2)
      rack (>= 1.0)
    rake (10.1.1)
    rest-client (1.6.7)
      mime-types (>= 1.16)
    rspec (2.14.1)
      rspec-core (~> 2.14.0)
      rspec-expectations (~> 2.14.0)
      rspec-mocks (~> 2.14.0)
    rspec-core (2.14.7)
    rspec-expectations (2.14.4)
      diff-lcs (>= 1.1.3, < 2.0)
    rspec-mocks (2.14.4)
    rubyzip (1.1.0)
    sauce (3.2.0)
      childprocess (>= 0.1.6)
      cmdparse (>= 2.0.2)
      highline (>= 1.5.0)
      json (>= 1.2.0)
      net-http-persistent
      net-ssh
      net-ssh-gateway
      parallel_tests (= 0.15.0)
      rest-client
      sauce_whisk (~> 0.0.8)
      selenium-webdriver (>= 0.1.2)
    sauce-cucumber (3.2.1)
      cucumber (>= 1.2.0)
      sauce (~> 3.2.0)
      sauce_whisk (~> 0.0.10)
    sauce_whisk (0.0.10)
      rest-client
    selenium-webdriver (2.39.0)
      childprocess (>= 0.2.5)
      multi_json (~> 1.0)
      rubyzip (~> 1.0)
      websocket (~> 1.0.4)
    thread_safe (0.1.3)
      atomic
    tzinfo (0.3.38)
    websocket (1.0.7)
    websocket-driver (0.3.2)
    xpath (2.0.0)
      nokogiri (~> 1.3)

PLATFORMS
  ruby

DEPENDENCIES
  activesupport (~> 4.0.2)
  capybara (= 2.1.0)
  cucumber (= 1.3.6)
  json (= 1.8.0)
  parallel_tests
  poltergeist (= 1.4.1)
  rake
  rspec
  sauce (= 3.2.0)
  sauce-cucumber (~> 3.2.1)
  selenium-webdriver (= 2.39.0)
