GEM
  remote: https://rubygems.org/
  specs:
    activesupport (4.0.4)
      i18n (~> 0.6, >= 0.6.9)
      minitest (~> 4.2)
      multi_json (~> 1.3)
      thread_safe (~> 0.1)
      tzinfo (~> 0.3.37)
    awesome_print (1.2.0)
    builder (3.2.2)
    capybara (2.1.0)
      mime-types (>= 1.16)
      nokogiri (>= 1.3.3)
      rack (>= 1.0.0)
      rack-test (>= 0.5.4)
      xpath (~> 2.0)
    childprocess (0.5.3)
      ffi (~> 1.0, >= 1.0.11)
    cliver (0.2.2)
    cmdparse (2.0.6)
    cucumber (1.3.6)
      builder (>= 2.1.2)
      diff-lcs (>= 1.1.3)
      gherkin (~> 2.12.0)
      multi_json (~> 1.7.5)
      multi_test (>= 0.0.2)
    curb (0.8.5)
    diff-lcs (1.2.5)
    faker (1.3.0)
      i18n (~> 0.5)
    ffi (1.9.3)
    gherkin (2.12.2)
      multi_json (~> 1.3)
    highline (1.6.21)
    i18n (0.6.9)
    imgkit (1.4.1)
    json (1.7.6)
    logger (1.2.8)
    mailosaur (0.0.6)
      json (= 1.7.6)
      mime-types (= 1.25)
      rest-client (= 1.6.7)
    mime-types (1.25)
    mini_portile (0.5.3)
    minitest (4.7.5)
    multi_json (1.7.9)
    multi_test (0.1.1)
    net-http-persistent (2.9.4)
    net-ssh (2.8.0)
    net-ssh-gateway (1.2.0)
      net-ssh (>= 2.6.5)
    nokogiri (1.6.1)
      mini_portile (~> 0.5.0)
    parallel (1.0.0)
    parallel_tests (0.15.0)
      parallel
    poltergeist (1.4.1)
      capybara (~> 2.1.0)
      cliver (~> 0.2.1)
      multi_json (~> 1.0)
      websocket-driver (>= 0.2.0)
    rack (1.5.2)
    rack-test (0.6.2)
      rack (>= 1.0)
    rake (10.3.1)
    random-word (1.3.0)
    rest-client (1.6.7)
      mime-types (>= 1.16)
    rspec (2.14.1)
      rspec-core (~> 2.14.0)
      rspec-expectations (~> 2.14.0)
      rspec-mocks (~> 2.14.0)
    rspec-core (2.14.8)
    rspec-expectations (2.14.5)
      diff-lcs (>= 1.1.3, < 2.0)
    rspec-mocks (2.14.6)
    rubyzip (1.1.0)
    sauce (3.2.0)
      childprocess (>= 0.1.6)
      cmdparse (>= 2.0.2)
      highline (>= 1.5.0)
      json (>= 1.2.0)
      net-http-persistent
      net-ssh
      net-ssh-gateway
      parallel_tests (= 0.15.0)
      rest-client
      sauce_whisk (~> 0.0.8)
      selenium-webdriver (>= 0.1.2)
    sauce-cucumber (3.2.1)
      cucumber (>= 1.2.0)
      sauce (~> 3.2.0)
      sauce_whisk (~> 0.0.10)
    sauce_whisk (0.0.12)
      rest-client
    selenium-webdriver (2.40.0)
      childprocess (>= 0.5.0)
      multi_json (~> 1.0)
      rubyzip (~> 1.0)
      websocket (~> 1.0.4)
    show_me_the_cookies (2.2.0)
      capybara (~> 2.0)
    simple-password-gen (0.1.5)
    thread_safe (0.3.3)
    tzinfo (0.3.39)
    websocket (1.0.7)
    websocket-driver (0.3.2)
    xpath (2.0.0)
      nokogiri (~> 1.3)
    yard (0.8.7.3)
    yard-cucumber (2.3.2)
      cucumber (~> 1.3)
      gherkin (~> 2.12)
      yard (>= 0.8.1)

PLATFORMS
  ruby

DEPENDENCIES
  activesupport (~> 4.0.2)
  awesome_print (~> 1.2.0)
  capybara (= 2.1.0)
  cucumber (= 1.3.6)
  curb
  faker
  imgkit
  json (= 1.7.6)
  logger
  mailosaur
  parallel_tests
  poltergeist (= 1.4.1)
  rake
  random-word
  rspec
  sauce (= 3.2.0)
  sauce-cucumber (~> 3.2.1)
  selenium-webdriver (= 2.40.0)
  show_me_the_cookies
  simple-password-gen
  websocket-driver (= 0.3.2)
  yard-cucumber
